PATH
  remote: .
  specs:
    greet (0.1.1)
      grpc

GEM
  remote: https://rubygems.org/
  specs:
    google-protobuf (3.19.1)
    googleapis-common-protos-types (1.3.0)
      google-protobuf (~> 3.14)
    grpc (1.42.0)
      google-protobuf (~> 3.18)
      googleapis-common-protos-types (~> 1.0)
    rake (10.5.0)

PLATFORMS
  ruby

DEPENDENCIES
  bundler (~> 1.17)
  greet!
  rake (~> 10.0)

BUNDLED WITH
   1.17.2
