PATH
  remote: .
  specs:
    greet (0.1.2)
      grpc

GEM
  remote: https://rubygems.org/
  specs:
    google-protobuf (3.21.1)
    googleapis-common-protos-types (1.3.1)
      google-protobuf (~> 3.14)
    grpc (1.46.3)
      google-protobuf (~> 3.19)
      googleapis-common-protos-types (~> 1.0)
    rake (10.5.0)

PLATFORMS
  ruby

DEPENDENCIES
  bundler (~> 1.17)
  greet!
  rake (~> 10.0)

BUNDLED WITH
   1.17.3
